GEM
  specs:
    curb (0.7.8)
    rack (1.2.1)
    rmagick (2.11.0)
    shotgun (0.9)
      rack (>= 1.0)
    sinatra (1.0)
      rack (>= 1.0)

PLATFORMS
  ruby

DEPENDENCIES
  curb
  rmagick
  shotgun
  sinatra
